GEM
  remote: http://rubygems.org/
  specs:
    activemodel (3.0.10)
      activesupport (= 3.0.10)
      builder (~> 2.1.2)
      i18n (~> 0.5.0)
    activesupport (3.0.10)
    awesome_print (0.4.0)
    bson (1.3.1)
    bson_ext (1.3.1)
    builder (2.1.2)
    coderay (0.9.8)
    diff-lcs (1.1.2)
    googlecharts (1.6.7)
    haml (3.1.2)
    i18n (0.5.0)
    method_source (0.6.0)
      ruby_parser (>= 2.0.5)
    mongo (1.3.1)
      bson (>= 1.3.1)
    mongoid (2.1.9)
      activemodel (~> 3.0)
      mongo (~> 1.3)
      tzinfo (~> 0.3.22)
    pry (0.9.3)
      coderay (>= 0.9.8)
      method_source (>= 0.6.0)
      ruby_parser (>= 2.0.5)
      slop (~> 1.9.0)
    rack (1.3.2)
    rack-test (0.6.1)
      rack (>= 1.0)
    rake (0.8.7)
    rspec (2.6.0)
      rspec-core (~> 2.6.0)
      rspec-expectations (~> 2.6.0)
      rspec-mocks (~> 2.6.0)
    rspec-core (2.6.4)
    rspec-expectations (2.6.0)
      diff-lcs (~> 1.1.2)
    rspec-given (1.4.0)
      rspec (> 1.2.8)
    rspec-mocks (2.6.0)
    ruby_parser (2.2.0)
      sexp_processor (~> 3.0)
    sexp_processor (3.0.6)
    sinatra (1.2.6)
      rack (~> 1.1)
      tilt (>= 1.2.2, < 2.0)
    slop (1.9.1)
    tilt (1.3.3)
    tzinfo (0.3.29)

PLATFORMS
  ruby

DEPENDENCIES
  awesome_print
  bson_ext
  googlecharts
  haml
  mongo
  mongoid
  pry
  rack-test
  rake (= 0.8.7)
  rspec
  rspec-given
  sinatra
